GEM
  remote: https://rubygems.org/
  specs:
    addressable (2.8.1)
      public_suffix (>= 2.0.2, < 6.0)
    capybara (3.37.1)
      addressable
      matrix
      mini_mime (>= 0.1.3)
      nokogiri (~> 1.8)
      rack (>= 1.6.0)
      rack-test (>= 0.6.3)
      regexp_parser (>= 1.5, < 3.0)
      xpath (~> 3.2)
    coderay (1.1.3)
    csv (3.2.5)
    docile (1.4.0)
    erubi (1.11.0)
    ffi (1.15.5)
    io-console (0.5.11)
    matrix (0.4.2)
    method_source (1.0.0)
    mini_mime (1.1.2)
    minitest (5.16.3)
    minitest-global_expectations (1.0.1)
      minitest (> 5)
    minitest-hooks (1.5.0)
      minitest (> 5.3)
    nio4r (2.5.8)
    nokogiri (1.13.8-x86_64-linux)
      racc (~> 1.4)
    pg (1.4.3)
    pry (0.14.1)
      coderay (~> 1.1)
      method_source (~> 1.0)
    public_suffix (5.0.0)
    puma (5.6.5)
      nio4r (~> 2.0)
    racc (1.6.0)
    rack (3.0.0)
    rack-test (2.0.2)
      rack (>= 1.3)
    rack-unreloader (2.0.0)
    rackup (0.2.2)
      rack (>= 3.0.0.beta1)
      webrick
    rake (13.0.6)
    refrigerator (1.4.1)
    regexp_parser (2.5.0)
    reline (0.3.1)
      io-console (~> 0.5)
    roda (3.59.0)
      rack
    sassc (2.4.0)
      ffi (~> 1.9)
    sequel (5.60.1)
    sequel-annotate (1.7.0)
      sequel (>= 4)
    sequel_pg (1.16.0)
      pg (>= 0.18.0, != 1.2.0)
      sequel (>= 4.38.0)
    simplecov (0.21.2)
      docile (~> 1.1)
      simplecov-html (~> 0.11)
      simplecov_json_formatter (~> 0.1)
    simplecov-html (0.12.3)
    simplecov_json_formatter (0.1.4)
    tilt (2.0.11)
    webrick (1.7.0)
    xpath (3.2.0)
      nokogiri (~> 1.8)

PLATFORMS
  x86_64-linux

DEPENDENCIES
  capybara
  csv
  erubi (>= 1.5)
  minitest (>= 5.7.0)
  minitest-global_expectations
  minitest-hooks (>= 1.1.0)
  pry
  puma
  rack-unreloader (>= 1.8)
  rackup
  rake
  refrigerator (>= 1)
  reline (= 0.3.1)
  roda (>= 3.57)
  sassc (>= 2)
  sequel (>= 5.59)
  sequel-annotate
  sequel_pg (>= 1.8)
  simplecov
  tilt (>= 2.0.9)

BUNDLED WITH
   2.3.7
